NUGET
  remote: https://www.nuget.org/api/v2
  specs:
    FAKE (4.21.1)
    FSharp.Core (3.1.2.5)
    FsUnit (2.0.0)
      FSharp.Core (>= 3.1.2.5)
      NUnit (3.0.1)
    NUnit (3.0.1)
    NUnit.ConsoleRunner (3.2.0)
    NUnit.Extension.NUnitProjectLoader (3.2.0)
    NUnit.Extension.NUnitV2Driver (3.2.0)
    NUnit.Extension.NUnitV2ResultWriter (3.2.0)
    NUnit.Extension.VSProjectLoader (3.2.0)
    NUnit.Runners (3.2.0)
      NUnit.ConsoleRunner (3.2.0)
      NUnit.Extension.NUnitProjectLoader (3.2.0)
      NUnit.Extension.NUnitV2Driver (3.2.0)
      NUnit.Extension.NUnitV2ResultWriter (3.2.0)
      NUnit.Extension.VSProjectLoader (3.2.0)
