NUGET
  remote: https://www.nuget.org/api/v2
  specs:
    FAKE (4.21.1)
    FSharp.Data (2.2.5)
      Zlib.Portable (>= 1.10.0) - framework: portable-net40+sl50+wp80+win80
    NUnit (3.0.1)
    SQLProvider (0.0.11-alpha)
    Zlib.Portable (1.11.0) - framework: portable-net40+sl50+wp80+win80
