NUGET
  remote: https://www.nuget.org/api/v2
  specs:
    canopy (0.9.45)
      FSharp.Core (>= 3.0.2)
      Selenium.Support (2.52.0)
      Selenium.WebDriver (2.52.0)
      SizSelCsZzz (0.3.36)
    FAKE (4.21.1)
    FAKE.Core (4.21.4)
    FAKE.IIS (4.21.4)
      FAKE.Core (4.21.4)
    FSharp.Core (3.1.2.5)
    FsUnit (2.0.0)
      FSharp.Core (>= 3.1.2.5)
      NUnit (3.0.1)
    Newtonsoft.Json (8.0.2)
    NUnit (3.0.1)
    NUnit.ConsoleRunner (3.2.0)
    NUnit.Extension.NUnitProjectLoader (3.2.0)
    NUnit.Extension.NUnitV2Driver (3.2.0)
    NUnit.Extension.NUnitV2ResultWriter (3.2.0)
    NUnit.Extension.VSProjectLoader (3.2.0)
    NUnit.Runners (3.2.0)
      NUnit.ConsoleRunner (3.2.0)
      NUnit.Extension.NUnitProjectLoader (3.2.0)
      NUnit.Extension.NUnitV2Driver (3.2.0)
      NUnit.Extension.NUnitV2ResultWriter (3.2.0)
      NUnit.Extension.VSProjectLoader (3.2.0)
    Selenium.Support (2.52.0)
      Selenium.WebDriver (>= 2.52.0)
    Selenium.WebDriver (2.52.0)
    SizSelCsZzz (0.3.36)
      Newtonsoft.Json (>= 6.0)
      Selenium.Support (>= 2.40)
      Selenium.WebDriver (>= 2.40)
